PATH
  remote: .
  specs:
    cdq (1.0.3)
      motion-yaml
      ruby-xcdm (~> 0.0, >= 0.0.9)

GEM
  remote: https://rubygems.org/
  specs:
    activesupport (4.2.2)
      i18n (~> 0.7)
      json (~> 1.7, >= 1.7.7)
      minitest (~> 5.1)
      thread_safe (~> 0.3, >= 0.3.4)
      tzinfo (~> 1.1)
    builder (3.2.2)
    i18n (0.7.0)
    json (1.8.3)
    minitest (5.7.0)
    motion-stump (0.3.2)
    motion-yaml (1.4)
    plist (3.1.0)
    rake (13.0.1)
    ruby-xcdm (0.0.9)
      activesupport (~> 4.1)
      builder (~> 3.2)
      plist (~> 3.1)
    thread_safe (0.3.5)
    tzinfo (1.2.2)
      thread_safe (~> 0.1)

PLATFORMS
  ruby

DEPENDENCIES
  cdq!
  motion-stump
  rake
